GEM
  remote: http://rubygems.org/
  specs:
    coderay (0.9.8)
    file-tail (1.0.5)
      spruz (>= 0.1.0)
    method_source (0.4.1)
      ruby_parser (>= 2.0.5)
    pry (0.8.3)
      coderay (>= 0.9.7)
      method_source (>= 0.4.0)
      ruby_parser (>= 2.0.5)
      slop (>= 1.5.3)
    ruby2ruby (1.2.5)
      ruby_parser (~> 2.0)
      sexp_processor (~> 3.0)
    ruby_parser (2.0.6)
      sexp_processor (~> 3.0)
    rufus-cloche (0.1.21)
      rufus-json (>= 0.2.5)
    rufus-dollar (1.0.4)
    rufus-json (0.2.5)
    rufus-mnemo (1.2.0)
    rufus-scheduler (2.0.9)
      tzinfo (>= 0.3.23)
    rufus-treechecker (1.0.6)
      ruby_parser (>= 2.0.5)
    ruote (2.2.0)
      rufus-cloche (>= 0.1.20)
      rufus-dollar (>= 1.0.4)
      rufus-json (>= 0.2.5)
      rufus-mnemo (>= 1.1.0)
      rufus-scheduler (>= 2.0.8)
      rufus-treechecker (>= 1.0.4)
      sourcify (= 0.4.2)
    sexp_processor (3.0.5)
    slop (1.5.5)
    sourcify (0.4.2)
      file-tail (>= 1.0.5)
      ruby2ruby (>= 1.2.5)
      sexp_processor (>= 3.0.5)
    spruz (0.2.6)
    tzinfo (0.3.27)
    yajl-ruby (0.8.2)

PLATFORMS
  ruby

DEPENDENCIES
  pry
  ruote
  yajl-ruby
